GEM
  remote: https://rubygems.org/
  specs:
    backports (3.11.4)
    bson (1.12.5)
    bson_ext (1.12.5)
      bson (~> 1.12.5)
    concurrent-ruby (1.1.4)
    et-orbi (1.1.6)
      tzinfo
    faraday (0.15.4)
      multipart-post (>= 1.2, < 3)
    finagle-thrift (1.4.2)
      thrift (~> 0.9.3)
    haml (5.0.4)
      temple (>= 0.8.0)
      tilt
    multi_json (1.13.1)
    multipart-post (2.0.0)
    mustermann (1.0.3)
    prometheus-client (0.8.0)
      quantile (~> 0.2.1)
    puma (3.12.0)
    quantile (0.2.1)
    rack (2.0.6)
    rack-protection (2.0.4)
      rack
    rufus-scheduler (3.5.2)
      et-orbi (~> 1.0)
    sinatra (2.0.4)
      mustermann (~> 1.0)
      rack (~> 2.0)
      rack-protection (= 2.0.4)
      tilt (~> 2.0)
    sinatra-contrib (2.0.4)
      backports (~> 2.8.2)
      multi_json
      mustermann (~> 1.0)
      rack-protection (= 2.0.4)
      sinatra (= 2.0.4)
      tilt (>= 1.3, < 3)
    sucker_punch (2.1.1)
      concurrent-ruby (~> 1.0.0)
    temple (0.8.0)
    thread_safe (0.3.6)
    thrift (0.9.3.0)
    tilt (2.0.9)
    tzinfo (1.2.5)
      thread_safe (~> 0.1)
    tzinfo-data (1.2018.7)
      tzinfo (>= 1.0.0)
    zipkin-tracer (0.30.0)
      faraday (~> 0.8)
      finagle-thrift (~> 1.4.2)
      rack (>= 1.0)
      sucker_punch (~> 2.0)

PLATFORMS
  ruby

DEPENDENCIES
  bson_ext
  faraday
  haml
  prometheus-client
  puma
  rack
  rufus-scheduler
  sinatra (~> 2.0.2)
  sinatra-contrib
  tzinfo-data
  zipkin-tracer

BUNDLED WITH
   1.16.1
